GEM
  remote: http://rubygems.org/
  specs:
    dotenv (2.4.0)
    logger (1.2.8)
    net-ldap (0.16.1)
    rack (1.6.10)
    rack-protection (1.5.5)
      rack
    rmagick (2.16.0)
    ruby-filemagic (0.7.2)
    sinatra (1.4.8)
      rack (~> 1.5)
      rack-protection (~> 1.4)
      tilt (>= 1.3, < 3)
    tilt (2.0.8)

PLATFORMS
  ruby

DEPENDENCIES
  dotenv
  logger
  net-ldap
  rmagick
  ruby-filemagic
  sinatra

BUNDLED WITH
   1.16.1
